GIT
  remote: git@github.com:QEDio/marbu.git
  revision: a36c80ede6aa68612946a0f869bb74a981e58098
  submodules: true
  specs:
    marbu (0.1.1)
      bson_ext
      haml
      mongo
      mongoid
      rake
      sinatra
      sinatra-contrib
      uuid
      vegas

GIT
  remote: git@github.com:QEDio/mongodb-testdata-factory.git
  revision: 559939c214974ec87cf0c67a54f881eb255aa215
  submodules: true
  specs:
    mongodb-testdata-factory (0.0.1)

GIT
  remote: git@github.com:QEDio/qstate.git
  revision: aa49c96643af3bbdd2ed00670fb2d6aef803cfa4
  submodules: true
  specs:
    qstate (0.0.1)
      activesupport
      i18n
      rake
      yajl-ruby

PATH
  remote: .
  specs:
    qed-mongodb (0.0.1)

GEM
  remote: http://rubygems.org/
  specs:
    activemodel (3.1.4)
      activesupport (= 3.1.4)
      builder (~> 3.0.0)
      i18n (~> 0.6)
    activesupport (3.1.4)
      multi_json (~> 1.0)
    ansi (1.4.1)
    backports (2.5.1)
    bson (1.6.1)
    bson_ext (1.6.1)
      bson (~> 1.6.1)
    builder (3.0.0)
    diff-lcs (1.1.3)
    eventmachine (0.12.10)
    haml (3.1.4)
    i18n (0.6.0)
    macaddr (1.5.0)
      systemu (>= 2.4.0)
    mongo (1.6.1)
      bson (~> 1.6.1)
    mongoid (2.4.7)
      activemodel (~> 3.1)
      mongo (~> 1.3)
      tzinfo (~> 0.3.22)
    multi_json (1.0.4)
    rack (1.4.1)
    rack-protection (1.2.0)
      rack
    rack-test (0.6.1)
      rack (>= 1.0)
    rake (0.9.2.2)
    rspec (2.7.0)
      rspec-core (~> 2.7.0)
      rspec-expectations (~> 2.7.0)
      rspec-mocks (~> 2.7.0)
    rspec-core (2.7.1)
    rspec-expectations (2.7.0)
      diff-lcs (~> 1.1.2)
    rspec-mocks (2.7.0)
    shoulda (2.11.3)
    simplecov (0.5.4)
      multi_json (~> 1.0.3)
      simplecov-html (~> 0.5.3)
    simplecov-html (0.5.3)
    sinatra (1.3.2)
      rack (~> 1.3, >= 1.3.6)
      rack-protection (~> 1.2)
      tilt (~> 1.3, >= 1.3.3)
    sinatra-contrib (1.3.1)
      backports (>= 2.0)
      eventmachine
      rack-protection
      rack-test
      sinatra (~> 1.3.0)
      tilt (~> 1.3)
    spork (0.8.5)
    spork-testunit (0.0.7)
      spork (>= 0.6.0)
    systemu (2.5.0)
    tilt (1.3.3)
    turn (0.8.3)
      ansi
    tzinfo (0.3.32)
    uuid (2.3.5)
      macaddr (~> 1.0)
    vegas (0.1.11)
      rack (>= 1.0.0)
    yajl-ruby (1.1.0)

PLATFORMS
  ruby

DEPENDENCIES
  activesupport (~> 3.1.1)
  i18n
  marbu!
  mongodb-testdata-factory!
  mongoid
  qed-mongodb!
  qstate!
  rake
  rspec
  shoulda
  simplecov
  spork
  spork-testunit
  turn
  yajl-ruby
