GIT
  remote: git@github.com:QEDio/marbu.git
  revision: b736557a27d0ccfe3d2cff219f58d388f5263e8f
  specs:
    marbu (0.0.1)
      haml
      mongo
      rake
      sinatra
      vegas

PATH
  remote: .
  specs:
    qed-mongodb (0.0.1)
      i18n
      mongoid
      rake
      yajl-ruby

GEM
  remote: http://rubygems.org/
  specs:
    activemodel (3.1.0)
      activesupport (= 3.1.0)
      bcrypt-ruby (~> 3.0.0)
      builder (~> 3.0.0)
      i18n (~> 0.6)
    activesupport (3.1.0)
      multi_json (~> 1.0)
    bcrypt-ruby (3.0.1)
    bson (1.3.1)
    builder (3.0.0)
    haml (3.1.2)
    i18n (0.6.0)
    mongo (1.3.1)
      bson (>= 1.3.1)
    mongoid (2.2.2)
      activemodel (~> 3.0)
      mongo (~> 1.3)
      tzinfo (~> 0.3.22)
    multi_json (1.0.3)
    rack (1.3.2)
    rake (0.9.2)
    shoulda (2.11.3)
    simplecov (0.4.2)
      simplecov-html (~> 0.4.4)
    simplecov-html (0.4.5)
    sinatra (1.2.6)
      rack (~> 1.1)
      tilt (< 2.0, >= 1.2.2)
    spork (0.8.5)
    spork-testunit (0.0.5)
      spork (>= 0.6.0)
    tilt (1.3.2)
    tzinfo (0.3.30)
    vegas (0.1.8)
      rack (>= 1.0.0)
    yajl-ruby (1.0.0)

PLATFORMS
  ruby

DEPENDENCIES
  marbu!
  qed-mongodb!
  shoulda
  simplecov
  spork
  spork-testunit
