PATH
  remote: .
  specs:
    qed-mongodb (0.0.1)
      mongoid
      rake
      yajl-ruby

GEM
  remote: http://rubygems.org/
  specs:
    activemodel (3.0.4)
      activesupport (= 3.0.4)
      builder (~> 2.1.2)
      i18n (~> 0.4)
    activesupport (3.0.4)
    bson (1.2.0)
    builder (2.1.2)
    i18n (0.5.0)
    mongo (1.2.0)
      bson (>= 1.2.0)
    mongoid (2.0.0.beta.20)
      activemodel (~> 3.0)
      mongo (~> 1.1)
      tzinfo (~> 0.3.22)
      will_paginate (~> 3.0.pre)
    rake (0.8.7)
    shoulda (2.11.3)
    tzinfo (0.3.24)
    will_paginate (3.0.pre2)
    yajl-ruby (0.7.8)

PLATFORMS
  ruby

DEPENDENCIES
  qed-mongodb!
  shoulda
