GIT
  remote: git@github.com:QEDio/marbu.git
  revision: 844ccce0f4cc547e08edb53907c08e6fac20ed79
  specs:
    marbu (0.0.1)
      haml
      mongo
      rake
      sinatra
      vegas

GIT
  remote: git@github.com:QEDio/qaram.git
  revision: 71385c0d5b22a42deac2fc3fa7db0f16bbfe7e16
  submodules: true
  specs:
    qaram (0.0.1)
      activesupport
      i18n
      rake
      yajl-ruby

PATH
  remote: .
  specs:
    qed-mongodb (0.0.1)
      i18n
      mongoid
      rake
      yajl-ruby

GEM
  remote: http://rubygems.org/
  specs:
    activemodel (3.1.1)
      activesupport (= 3.1.1)
      builder (~> 3.0.0)
      i18n (~> 0.6)
    activesupport (3.1.1)
      multi_json (~> 1.0)
    bson (1.4.0)
    builder (3.0.0)
    haml (3.1.3)
    i18n (0.6.0)
    mongo (1.4.0)
      bson (= 1.4.0)
    mongoid (2.3.0)
      activemodel (~> 3.1)
      mongo (~> 1.4)
      tzinfo (~> 0.3.22)
    multi_json (1.0.3)
    rack (1.3.4)
    rack-protection (1.1.4)
      rack
    rake (0.9.2)
    shoulda (2.11.3)
    simplecov (0.5.3)
      multi_json (~> 1.0.3)
      simplecov-html (~> 0.5.3)
    simplecov-html (0.5.3)
    sinatra (1.3.1)
      rack (>= 1.3.4, ~> 1.3)
      rack-protection (>= 1.1.2, ~> 1.1)
      tilt (>= 1.3.3, ~> 1.3)
    spork (0.8.5)
    spork-testunit (0.0.6)
      spork (>= 0.6.0)
    tilt (1.3.3)
    tzinfo (0.3.30)
    vegas (0.1.8)
      rack (>= 1.0.0)
    yajl-ruby (1.0.0)

PLATFORMS
  ruby

DEPENDENCIES
  marbu!
  qaram!
  qed-mongodb!
  shoulda
  simplecov
  spork
  spork-testunit
