GIT
  remote: git@github.com:QEDio/marbu.git
  revision: f559884e7de612ce1d13fc3e8056ae99935bf021
  submodules: true
  specs:
    marbu (0.1.1)
      bson_ext
      haml
      mongo
      mongoid
      rake
      sinatra
      sinatra-contrib
      uuid
      vegas

GIT
  remote: git@github.com:QEDio/mongodb-testdata-factory.git
  revision: 0ff2f3c0697e563cc7d3f6af9254be817199c97a
  submodules: true
  specs:
    mongodb-testdata-factory (0.0.1)

GIT
  remote: git@github.com:QEDio/qstate.git
  revision: aa49c96643af3bbdd2ed00670fb2d6aef803cfa4
  submodules: true
  specs:
    qstate (0.0.1)
      activesupport
      i18n
      rake
      yajl-ruby

PATH
  remote: .
  specs:
    qed-mongodb (0.0.1)

GEM
  remote: http://rubygems.org/
  specs:
    activemodel (3.2.13)
      activesupport (= 3.2.13)
      builder (~> 3.0.0)
    activesupport (3.2.13)
      i18n (= 0.6.1)
      multi_json (~> 1.0)
    ansi (1.4.3)
    backports (3.3.3)
    bson (1.9.1)
    bson_ext (1.9.1)
      bson (~> 1.9.1)
    builder (3.0.4)
    diff-lcs (1.2.4)
    eventmachine (1.0.3)
    haml (4.0.3)
      tilt
    i18n (0.6.1)
    macaddr (1.6.1)
      systemu (~> 2.5.0)
    mongo (1.9.1)
      bson (~> 1.9.1)
    mongoid (2.7.1)
      activemodel (~> 3.1)
      mongo (~> 1.8)
      tzinfo (~> 0.3.22)
    multi_json (1.7.7)
    rack (1.5.2)
    rack-protection (1.5.0)
      rack
    rack-test (0.6.2)
      rack (>= 1.0)
    rake (10.1.0)
    rspec (2.14.1)
      rspec-core (~> 2.14.0)
      rspec-expectations (~> 2.14.0)
      rspec-mocks (~> 2.14.0)
    rspec-core (2.14.4)
    rspec-expectations (2.14.0)
      diff-lcs (>= 1.1.3, < 2.0)
    rspec-mocks (2.14.1)
    shoulda (3.5.0)
      shoulda-context (~> 1.0, >= 1.0.1)
      shoulda-matchers (>= 1.4.1, < 3.0)
    shoulda-context (1.1.4)
    shoulda-matchers (2.2.0)
      activesupport (>= 3.0.0)
    simplecov (0.7.1)
      multi_json (~> 1.0)
      simplecov-html (~> 0.7.1)
    simplecov-html (0.7.1)
    sinatra (1.4.3)
      rack (~> 1.4)
      rack-protection (~> 1.4)
      tilt (~> 1.3, >= 1.3.4)
    sinatra-contrib (1.4.0)
      backports (>= 2.0)
      eventmachine
      rack-protection
      rack-test
      sinatra (~> 1.4.2)
      tilt (~> 1.3)
    spork (0.9.2)
    spork-testunit (0.0.8)
      spork (>= 0.6.0)
    systemu (2.5.2)
    tilt (1.4.1)
    turn (0.9.6)
      ansi
    tzinfo (0.3.37)
    uuid (2.3.7)
      macaddr (~> 1.0)
    vegas (0.1.11)
      rack (>= 1.0.0)
    yajl-ruby (1.1.0)

PLATFORMS
  ruby

DEPENDENCIES
  activesupport (~> 3.2)
  i18n
  marbu!
  mongodb-testdata-factory!
  mongoid (~> 2.4)
  qed-mongodb!
  qstate!
  rake
  rspec
  shoulda
  simplecov
  spork
  spork-testunit
  turn
  yajl-ruby
