GIT
  remote: git@github.com:QEDio/marbu.git
  revision: 95600f07afce48f7bd97c4b62e1114096cd1dcd0
  specs:
    marbu (0.0.1)
      haml
      mongo
      rake
      sinatra
      vegas

PATH
  remote: .
  specs:
    qed-mongodb (0.0.1)
      mongoid
      rake
      yajl-ruby

GEM
  remote: http://rubygems.org/
  specs:
    activemodel (3.0.10)
      activesupport (= 3.0.10)
      builder (~> 2.1.2)
      i18n (~> 0.5.0)
    activesupport (3.0.10)
    bson (1.3.1)
    builder (2.1.2)
    haml (3.1.2)
    i18n (0.5.0)
    mongo (1.3.1)
      bson (>= 1.3.1)
    mongoid (2.1.9)
      activemodel (~> 3.0)
      mongo (~> 1.3)
      tzinfo (~> 0.3.22)
    rack (1.3.2)
    rake (0.9.2)
    shoulda (2.11.3)
    sinatra (1.2.6)
      rack (~> 1.1)
      tilt (< 2.0, >= 1.2.2)
    spork (0.8.5)
    spork-testunit (0.0.5)
      spork (>= 0.6.0)
    tilt (1.3.2)
    tzinfo (0.3.29)
    vegas (0.1.8)
      rack (>= 1.0.0)
    yajl-ruby (0.8.3)

PLATFORMS
  ruby

DEPENDENCIES
  marbu!
  qed-mongodb!
  shoulda
  spork
  spork-testunit
