PATH
  remote: .
  specs:
    qed-mongodb (0.0.1)
      mongoid
      rake

GEM
  remote: http://rubygems.org/
  specs:
    activemodel (3.0.8)
      activesupport (= 3.0.8)
      builder (~> 2.1.2)
      i18n (~> 0.5.0)
    activesupport (3.0.8)
    bson (1.3.1)
    builder (2.1.2)
    i18n (0.5.0)
    mongo (1.3.1)
      bson (>= 1.3.1)
    mongoid (2.0.2)
      activemodel (~> 3.0)
      mongo (~> 1.3)
      tzinfo (~> 0.3.22)
    rake (0.9.2)
    shoulda (2.11.3)
    tzinfo (0.3.29)

PLATFORMS
  ruby

DEPENDENCIES
  qed-mongodb!
  shoulda
